PATH
  remote: /home/jh/git/share.rb
  specs:
    share (0.0.5)
      sinatra
      thin (~> 1.4.1)
      thread_safe (~> 0.0.3)
      websocket-rack (~> 0.4.0)

GEM
  remote: https://rubygems.org/
  specs:
    addressable (2.3.5)
    daemons (1.1.9)
    em-websocket (0.3.8)
      addressable (>= 2.1.1)
      eventmachine (>= 0.12.9)
    eventmachine (1.0.3)
    rack (1.5.2)
    rack-protection (1.5.0)
      rack
    sinatra (1.4.3)
      rack (~> 1.4)
      rack-protection (~> 1.4)
      tilt (~> 1.3, >= 1.3.4)
    thin (1.4.1)
      daemons (>= 1.0.9)
      eventmachine (>= 0.12.6)
      rack (>= 1.0.0)
    thread_safe (0.0.3)
    tilt (1.4.1)
    websocket-rack (0.4.0)
      em-websocket (~> 0.3.6)
      eventmachine (~> 1.0.0.beta.4)
      rack
      thin

PLATFORMS
  ruby

DEPENDENCIES
  share!
  sinatra
  thin
